PATH
  remote: .
  specs:
    ruby-hl7 (0.5.1)

GEM
  remote: http://rubygems.org/
  specs:
    minitest (5.11.3)
    rake (0.9.2.2)
    rantly (0.3.1)

PLATFORMS
  ruby

DEPENDENCIES
  minitest
  rake
  rantly
  ruby-hl7!

BUNDLED WITH
   2.0.1
